PATH
  remote: .
  specs:
    shreduler (0.1.0)

GEM
  remote: https://rubygems.org/
  specs:
    ast (2.4.2)
    async (2.6.2)
      console (~> 1.10)
      fiber-annotation
      io-event (~> 1.1)
      timers (~> 4.1)
    console (1.18.0)
      fiber-annotation
      fiber-local
    diff-lcs (1.5.0)
    fiber-annotation (0.2.0)
    fiber-local (1.0.0)
    fiber_scheduler_spec (0.10.0)
      rspec (~> 3.11)
    io-event (1.2.2)
    json (2.6.3)
    maxitest (5.0.0)
      minitest (>= 5.14.0, < 5.19.0)
    minitest (5.18.0)
    parallel (1.23.0)
    parser (3.2.2.1)
      ast (~> 2.4.1)
    rainbow (3.1.1)
    rake (13.0.6)
    rake-compiler (1.2.3)
      rake
    rb_sys (0.9.78)
    regexp_parser (2.8.0)
    rexml (3.2.5)
    rspec (3.12.0)
      rspec-core (~> 3.12.0)
      rspec-expectations (~> 3.12.0)
      rspec-mocks (~> 3.12.0)
    rspec-core (3.12.2)
      rspec-support (~> 3.12.0)
    rspec-expectations (3.12.3)
      diff-lcs (>= 1.2.0, < 2.0)
      rspec-support (~> 3.12.0)
    rspec-mocks (3.12.6)
      diff-lcs (>= 1.2.0, < 2.0)
      rspec-support (~> 3.12.0)
    rspec-support (3.12.1)
    rubocop (1.51.0)
      json (~> 2.3)
      parallel (~> 1.10)
      parser (>= 3.2.0.0)
      rainbow (>= 2.2.2, < 4.0)
      regexp_parser (>= 1.8, < 3.0)
      rexml (>= 3.2.5, < 4.0)
      rubocop-ast (>= 1.28.0, < 2.0)
      ruby-progressbar (~> 1.7)
      unicode-display_width (>= 2.4.0, < 3.0)
    rubocop-ast (1.29.0)
      parser (>= 3.2.1.0)
    ruby-progressbar (1.13.0)
    timers (4.3.5)
    unicode-display_width (2.4.2)

PLATFORMS
  arm64-darwin-22

DEPENDENCIES
  async
  fiber_scheduler_spec (~> 0.10.0)
  maxitest (~> 5.0)
  rake (~> 13.0)
  rake-compiler
  rb_sys (~> 0.9.63)
  rspec
  rubocop (~> 1.21)
  shreduler!

BUNDLED WITH
   2.4.10
